PATH
  remote: .
  specs:
    aws_csshx (0.0.1)
      right_aws

GEM
  remote: http://rubygems.org/
  specs:
    right_aws (3.0.4)
      right_http_connection (>= 1.2.5)
    right_http_connection (1.3.0)

PLATFORMS
  ruby

DEPENDENCIES
  aws_csshx!
